PATH
  remote: .
  specs:
    sudotool (1.1.1)
      log4r (~> 1.1.10)
      rainbow

GEM
  remote: https://rubygems.org/
  specs:
    diff-lcs (1.1.3)
    log4r (1.1.10)
    rainbow (1.1.4)
    rake (10.0.3)
    rspec (2.11.0)
      rspec-core (~> 2.11.0)
      rspec-expectations (~> 2.11.0)
      rspec-mocks (~> 2.11.0)
    rspec-core (2.11.1)
    rspec-expectations (2.11.3)
      diff-lcs (~> 1.1.3)
    rspec-mocks (2.11.2)

PLATFORMS
  ruby

DEPENDENCIES
  bundler
  rake
  rspec (~> 2.11.0)
  sudotool!
